PATH
  remote: .
  specs:
    konfipay (1.5.2)
      activesupport
      camt_parser
      http
      json
      sepa_king
      sidekiq

GEM
  remote: https://rubygems.org/
  specs:
    activesupport (6.1.7)
      concurrent-ruby (~> 1.0, >= 1.0.2)
      i18n (>= 1.6, < 2)
      minitest (>= 5.1)
      tzinfo (~> 2.0)
      zeitwerk (~> 2.3)
    addressable (2.4.0)
    ast (2.4.2)
    builder (3.2.4)
    camt_parser (2.13.0)
      nokogiri
    coderay (1.1.3)
    concurrent-ruby (1.1.10)
    connection_pool (2.3.0)
    crack (0.4.5)
      rexml
    diff-lcs (1.5.0)
    docile (1.4.0)
    domain_name (0.5.20190701)
      unf (>= 0.0.5, < 1.0.0)
    ffi (1.15.5)
    ffi-compiler (1.0.1)
      ffi (>= 1.0.0)
      rake
    hashdiff (1.0.1)
    http (5.0.1)
      addressable (~> 2.3)
      http-cookie (~> 1.0)
      http-form_data (~> 2.2)
      llhttp-ffi (~> 0.3.0)
    http-cookie (1.0.5)
      domain_name (~> 0.5)
    http-form_data (2.3.0)
    i18n (1.12.0)
      concurrent-ruby (~> 1.0)
    iban-tools (1.1.0)
    json (2.6.3)
    llhttp-ffi (0.3.1)
      ffi-compiler (~> 1.0)
      rake (~> 13.0)
    method_source (1.0.0)
    mini_portile (0.6.2)
    minitest (5.15.0)
    nokogiri (1.6.6.4)
      mini_portile (~> 0.6.0)
    parallel (1.22.1)
    parser (3.2.0.0)
      ast (~> 2.4.1)
    pry (0.14.2)
      coderay (~> 1.1)
      method_source (~> 1.0)
    rack (2.2.5)
    rainbow (3.1.1)
    rake (13.0.6)
    redis (4.8.0)
    rexml (3.2.5)
    rspec (3.12.0)
      rspec-core (~> 3.12.0)
      rspec-expectations (~> 3.12.0)
      rspec-mocks (~> 3.12.0)
    rspec-core (3.12.0)
      rspec-support (~> 3.12.0)
    rspec-expectations (3.12.2)
      diff-lcs (>= 1.2.0, < 2.0)
      rspec-support (~> 3.12.0)
    rspec-mocks (3.12.0)
      diff-lcs (>= 1.2.0, < 2.0)
      rspec-support (~> 3.12.0)
    rspec-support (3.12.0)
    rubocop (0.83.0)
      parallel (~> 1.10)
      parser (>= 2.7.0.1)
      rainbow (>= 2.2.2, < 4.0)
      rexml
      ruby-progressbar (~> 1.7)
      unicode-display_width (>= 1.4.0, < 2.0)
    rubocop-performance (1.7.1)
      rubocop (>= 0.82.0)
    rubocop-rspec (1.41.0)
      rubocop (>= 0.68.1)
    ruby-progressbar (1.11.0)
    sepa_king (0.0.3)
      builder
      i18n
      iban-tools
    sidekiq (6.5.8)
      connection_pool (>= 2.2.5, < 3)
      rack (~> 2.0)
      redis (>= 4.5.0, < 5)
    simplecov (0.22.0)
      docile (~> 1.1)
      simplecov-html (~> 0.11)
      simplecov_json_formatter (~> 0.1)
    simplecov-html (0.12.3)
    simplecov_json_formatter (0.1.4)
    tzinfo (2.0.5)
      concurrent-ruby (~> 1.0)
    unf (0.1.4)
      unf_ext
    unf_ext (0.0.8.2)
    unicode-display_width (1.8.0)
    webmock (3.13.0)
      addressable (>= 2.3.6)
      crack (>= 0.3.2)
      hashdiff (>= 0.4.0, < 2.0.0)
    zeitwerk (2.6.6)

PLATFORMS
  ruby

DEPENDENCIES
  konfipay!
  pry
  rspec (~> 3.10)
  rubocop
  rubocop-performance
  rubocop-rspec
  simplecov
  webmock

BUNDLED WITH
   2.1.4
